GEM
  remote: https://rubygems.org/
  specs:
    ast (2.4.2)
    json (2.6.3)
    parallel (1.22.1)
    parser (3.2.0.0)
      ast (~> 2.4.1)
    rainbow (3.1.1)
    regexp_parser (2.6.2)
    rexml (3.2.5)
    rubocop (1.44.1)
      json (~> 2.3)
      parallel (~> 1.10)
      parser (>= 3.2.0.0)
      rainbow (>= 2.2.2, < 4.0)
      regexp_parser (>= 1.8, < 3.0)
      rexml (>= 3.2.5, < 4.0)
      rubocop-ast (>= 1.24.1, < 2.0)
      ruby-progressbar (~> 1.7)
      unicode-display_width (>= 2.4.0, < 3.0)
    rubocop-ast (1.24.1)
      parser (>= 3.1.1.0)
    ruby-progressbar (1.11.0)
    rubyzip (2.3.2)
    selenium-webdriver (4.8.0)
      rexml (~> 3.2, >= 3.2.5)
      rubyzip (>= 1.2.2, < 3.0)
      websocket (~> 1.0)
    unicode-display_width (2.4.2)
    watir (7.2.2)
      regexp_parser (>= 1.2, < 3)
      selenium-webdriver (~> 4.2)
    websocket (1.2.9)

PLATFORMS
  x86_64-linux

DEPENDENCIES
  rubocop
  watir

BUNDLED WITH
   2.2.33
